GEM
  remote: https://rubygems.org/
  specs:
    sqlite3 (1.4.2)

PLATFORMS
  x64-mingw32

DEPENDENCIES
  sqlite3

RUBY VERSION
   ruby 2.7.2p137

BUNDLED WITH
   2.2.14
